PATH
  remote: .
  specs:
    sidekiq-heroku-autoscale (0.0.3)
      platform-api (~> 3.3.0)
      sidekiq (>= 5.0)

GEM
  remote: http://rubygems.org/
  specs:
    concurrent-ruby (1.2.2)
    connection_pool (2.4.1)
    erubis (2.7.0)
    excon (0.100.0)
    heroics (0.1.2)
      erubis (~> 2.0)
      excon
      moneta
      multi_json (>= 1.9.2)
      webrick
    minitest (5.18.1)
    moneta (1.0.0)
    multi_json (1.15.0)
    platform-api (3.3.0)
      heroics (~> 0.1.1)
      moneta (~> 1.0.0)
      rate_throttle_client (~> 0.1.0)
    rack (3.0.8)
    rake (13.0.6)
    rate_throttle_client (0.1.2)
    redis-client (0.14.1)
      connection_pool
    sidekiq (7.1.2)
      concurrent-ruby (< 2)
      connection_pool (>= 2.3.0)
      rack (>= 2.2.4)
      redis-client (>= 0.14.0)
    webrick (1.8.1)

PLATFORMS
  ruby

DEPENDENCIES
  bundler (~> 2.0)
  minitest (~> 5.18)
  rake (~> 13.0)
  sidekiq-heroku-autoscale!

BUNDLED WITH
   2.1.2
